GIT
  remote: https://github.com/newrelic-platform/newrelic_plugin.git
  revision: dec81a4a734c2540e8da750b7946c8eea51e21f9
  specs:
    newrelic_plugin (0.2.7)
      faraday (>= 0.8.1)

GEM
  remote: http://rubygems.org/
  specs:
    faraday (0.8.4)
      multipart-post (~> 1.1)
    multi_json (1.3.7)
    multipart-post (1.1.5)
    rack (1.4.1)
    rack-protection (1.2.0)
      rack
    redis (3.0.2)
    redis-namespace (1.2.1)
      redis (~> 3.0.0)
    resque (1.23.0)
      multi_json (~> 1.0)
      redis-namespace (~> 1.0)
      sinatra (>= 0.9.2)
      vegas (~> 0.1.2)
    sinatra (1.3.3)
      rack (~> 1.3, >= 1.3.6)
      rack-protection (~> 1.2)
      tilt (~> 1.3, >= 1.3.3)
    tilt (1.3.3)
    vegas (0.1.11)
      rack (>= 1.0.0)

PLATFORMS
  ruby

DEPENDENCIES
  newrelic_plugin!
  redis
  resque
