GIT
  remote: https://github.com/newrelic-platform/newrelic_plugin.git
  revision: 024d0c562a8ab73aabe7fab7f7485a2742b43adf
  specs:
    newrelic_plugin (0.2.11)
      faraday (>= 0.8.1)
      json

GEM
  remote: http://rubygems.org/
  specs:
    faraday (0.8.6)
      multipart-post (~> 1.1)
    json (1.7.7)
    multi_json (1.5.0)
    multipart-post (1.2.0)
    rack (1.4.5)
    rack-protection (1.3.2)
      rack
    redis (3.0.3)
    redis-namespace (1.2.1)
      redis (~> 3.0.0)
    resque (1.23.0)
      multi_json (~> 1.0)
      redis-namespace (~> 1.0)
      sinatra (>= 0.9.2)
      vegas (~> 0.1.2)
    sinatra (1.3.5)
      rack (~> 1.4)
      rack-protection (~> 1.3)
      tilt (~> 1.3, >= 1.3.3)
    tilt (1.3.3)
    vegas (0.1.11)
      rack (>= 1.0.0)

PLATFORMS
  ruby

DEPENDENCIES
  newrelic_plugin!
  redis
  resque
