GEM
  remote: http://rubygems.org/
  specs:
    faraday (0.8.7)
      multipart-post (~> 1.1)
    fastercsv (1.5.5)
    json (1.8.0)
    multipart-post (1.2.0)
    newrelic_plugin (1.0.2)
      faraday (>= 0.8.1)
      json

PLATFORMS
  ruby

DEPENDENCIES
  fastercsv
  newrelic_plugin
